GEM
  remote: https://rubygems.org/
  specs:
    ffi (1.4.0)
    libusb (0.3.2)
      ffi (>= 1.0)
    plist (3.1.0)

PLATFORMS
  ruby

DEPENDENCIES
  libusb
  plist
